PATH
  remote: .
  specs:
    httpsensible (0.0.1)
      httpx (~> 0.24)
      jwt (~> 2.7)

GEM
  remote: https://rubygems.org/
  specs:
    activesupport (7.0.6)
      concurrent-ruby (~> 1.0, >= 1.0.2)
      i18n (>= 1.6, < 2)
      minitest (>= 5.1)
      tzinfo (~> 2.0)
    amazing_print (1.5.0)
    ast (2.4.2)
    concurrent-ruby (1.2.2)
    debug (1.8.0)
      irb (>= 1.5.0)
      reline (>= 0.3.1)
    diff-lcs (1.5.0)
    erubi (1.12.0)
    http-2-next (0.5.1)
    httpx (0.24.1)
      http-2-next (>= 0.4.1)
    i18n (1.14.1)
      concurrent-ruby (~> 1.0)
    io-console (0.6.0)
    irb (1.7.1)
      reline (>= 0.3.0)
    json (2.6.3)
    jwt (2.7.1)
    language_server-protocol (3.17.0.3)
    minitest (5.18.1)
    minitest-focus (1.3.1)
      minitest (>= 4, < 6)
    netrc (0.11.0)
    parallel (1.23.0)
    parser (3.2.2.3)
      ast (~> 2.4.1)
      racc
    prettier_print (1.2.1)
    racc (1.7.1)
    rack (3.0.8)
    rainbow (3.1.1)
    rake (13.0.6)
    rbi (0.0.16)
      ast
      parser (>= 2.6.4.0)
      sorbet-runtime (>= 0.5.9204)
      unparser
    regexp_parser (2.8.1)
    reline (0.3.6)
      io-console (~> 0.5)
    rexml (3.2.5)
    rubocop (1.54.1)
      json (~> 2.3)
      language_server-protocol (>= 3.17.0)
      parallel (~> 1.10)
      parser (>= 3.2.2.3)
      rainbow (>= 2.2.2, < 4.0)
      regexp_parser (>= 1.8, < 3.0)
      rexml (>= 3.2.5, < 4.0)
      rubocop-ast (>= 1.28.0, < 2.0)
      ruby-progressbar (~> 1.7)
      unicode-display_width (>= 2.4.0, < 3.0)
    rubocop-ast (1.29.0)
      parser (>= 3.2.1.0)
    rubocop-minitest (0.31.0)
      rubocop (>= 1.39, < 2.0)
    rubocop-performance (1.18.0)
      rubocop (>= 1.7.0, < 2.0)
      rubocop-ast (>= 0.4.0)
    rubocop-rails (2.20.2)
      activesupport (>= 4.2.0)
      rack (>= 1.1)
      rubocop (>= 1.33.0, < 2.0)
    rubocop-rake (0.6.0)
      rubocop (~> 1.0)
    rubocop-shopify (2.14.0)
      rubocop (~> 1.51)
    rubocop-sorbet (0.7.0)
      rubocop (>= 0.90.0)
    rubocop-standard (7.1.0)
      rubocop
      rubocop-minitest
      rubocop-performance
      rubocop-rails
      rubocop-rake
      rubocop-shopify
      rubocop-sorbet
    ruby-progressbar (1.13.0)
    sorbet (0.5.10908)
      sorbet-static (= 0.5.10908)
    sorbet-runtime (0.5.10908)
    sorbet-static (0.5.10908-universal-darwin-22)
    sorbet-static-and-runtime (0.5.10908)
      sorbet (= 0.5.10908)
      sorbet-runtime (= 0.5.10908)
    spoom (1.2.2)
      erubi (>= 1.10.0)
      sorbet (>= 0.5.10187)
      sorbet-runtime (>= 0.5.9204)
      syntax_tree (>= 6.1.1)
      thor (>= 0.19.2)
    syntax_tree (6.1.1)
      prettier_print (>= 1.2.0)
    tapioca (0.11.7)
      bundler (>= 2.2.25)
      netrc (>= 0.11.0)
      parallel (>= 1.21.0)
      rbi (~> 0.0.0, >= 0.0.16)
      sorbet-static-and-runtime (>= 0.5.10187)
      spoom (~> 1.2.0, >= 1.2.0)
      thor (>= 1.2.0)
      yard-sorbet
    thor (1.2.2)
    tzinfo (2.0.6)
      concurrent-ruby (~> 1.0)
    unicode-display_width (2.4.2)
    unparser (0.6.8)
      diff-lcs (~> 1.3)
      parser (>= 3.2.0)
    yard (0.9.34)
    yard-sorbet (0.8.1)
      sorbet-runtime (>= 0.5)
      yard (>= 0.9)

PLATFORMS
  arm64-darwin-22

DEPENDENCIES
  amazing_print
  debug
  httpsensible!
  minitest (~> 5.6)
  minitest-focus (~> 1.1)
  rake (~> 13.0)
  rubocop (~> 1.21)
  rubocop-standard
  sorbet
  sorbet-runtime
  tapioca

BUNDLED WITH
   2.4.13
